GEM
  remote: http://rubygems.org/
  specs:
    activesupport (2.3.10)
    daemons (1.1.0)
    erector (0.7.2)
      hoe (>= 1.5.0)
    eventmachine (0.12.10)
    focused-test (0.6.0)
    guid (0.1.1)
    hoe (2.7.0)
      rake (>= 0.8.7)
      rubyforge (>= 2.0.4)
    i18n (0.5.0)
    json (1.4.6)
    json_pure (1.4.6)
    lsof (0.3.0)
    nokogiri (1.4.1)
    rack (1.2.1)
    rack-test (0.5.6)
      rack (>= 1.0)
    rake (0.8.7)
    rr (1.0.2)
    rspec (1.3.1)
    rubyforge (2.0.4)
      json_pure (>= 1.1.7)
    selenium-client (1.2.18)
    selenium-rc (2.2.1)
      selenium-client (>= 1.2.18)
    sinatra (1.1.0)
      rack (~> 1.1)
      tilt (~> 1.1)
    thin (1.2.7)
      daemons (>= 1.0.9)
      eventmachine (>= 0.12.6)
      rack (>= 1.0.0)
    tilt (1.1)
    trollop (1.16.2)

PLATFORMS
  ruby

DEPENDENCIES
  activesupport
  erector (= 0.7.2)
  focused-test (= 0.6.0)
  guid (>= 0.1.1)
  i18n
  json (>= 1.4.0)
  lsof (= 0.3.0)
  nokogiri (= 1.4.1)
  rack-test (= 0.5.6)
  rr (= 1.0.2)
  rspec (= 1.3.1)
  selenium-client (= 1.2.18)
  selenium-rc (= 2.2.1)
  sinatra (>= 1.0)
  thin (>= 1.2.7)
  trollop (>= 1.16.2)

METADATA
  version: 1.0.6
